GEM
  remote: https://rubygems.org/
  specs:
    ast (2.4.2)
    json (2.6.1)
    language_server-protocol (3.17.0.1)
    parallel (1.22.1)
    parser (3.1.2.1)
      ast (~> 2.4.1)
    prettier_print (0.1.0)
    rainbow (3.1.1)
    regexp_parser (2.5.0)
    rexml (3.2.5)
    rubocop (1.36.0)
      json (~> 2.3)
      parallel (~> 1.10)
      parser (>= 3.1.2.1)
      rainbow (>= 2.2.2, < 4.0)
      regexp_parser (>= 1.8, < 3.0)
      rexml (>= 3.2.5, < 4.0)
      rubocop-ast (>= 1.20.1, < 2.0)
      ruby-progressbar (~> 1.7)
      unicode-display_width (>= 1.4.0, < 3.0)
    rubocop-ast (1.21.0)
      parser (>= 3.1.1.0)
    ruby-lsp (0.3.2)
      language_server-protocol (~> 3.17.0)
      sorbet-runtime
      syntax_tree (>= 3.4)
    ruby-progressbar (1.11.0)
    sorbet-runtime (0.5.10456)
    syntax_tree (3.6.0)
      prettier_print
    unicode-display_width (2.3.0)

PLATFORMS
  x86_64-linux-musl

DEPENDENCIES
  rubocop
  ruby-lsp

BUNDLED WITH
   2.3.14
